GEM
  remote: https://rubygems.org/
  specs:
    activesupport (3.2.12)
      i18n (~> 0.6)
      multi_json (~> 1.0)
    bluepill (0.0.60)
      activesupport (>= 3.0.0)
      daemons (~> 1.1.4, <= 1.1.6)
      i18n (>= 0.5.0)
      state_machine (~> 1.1.0)
    daemons (1.1.6)
    i18n (0.6.1)
    multi_json (1.6.1)
    state_machine (1.1.2)

PLATFORMS
  ruby

DEPENDENCIES
  bluepill
